!INTERFILE :=
!imaging modality := nucmed
;# imaging modality 2 := EMS
!originating system := simind
!version of keys := 3.3
program author := M Ljungberg, Lund University
program version := V7.0.3
  
!GENERAL DATA :=
original institution := Medical Radiation Physics
contact person := M Ljungberg
!data offset in bytes := 0
!name of data file := mibg.ict
patient name := SMC_mibg.a00
!study ID := Aligned CT Map
exam type := CT DATA
!patient ID := SIMIND
  
!GENERAL IMAGE DATA :=
;# COREG:Parameter File matched to study :=
;# Nova EnergyScale Bone/Tissue lines :=
!type of data := tomographic
study date := 2024:10:14
study time := 05:57:22
imagedata byte order := LITTLEENDIAN
;# Summation of windows := none
;# Radionuclide (Therapy) := none
!total number of images := 128
!SPECT STUDY (General) :=
!matrix size [1] := 128
!matrix size [2] := 128
!matrix size [3] := 128
scaling factor (mm/pixel) [1] := 3.150
scaling factor (mm/pixel) [2] := 3.150
;# scaling factor (mm/pixel) [3] := 3.150
;# Image Position First image := -201.6000 -201.6000 201.600000
;# Image Orientation := 1.000 0.000 0.000 0.000 1.000 0.000
!number of energy windows := 1
!number of images/energy window := 128
;# CT Rescale Intercept := 0.000
;# CT Rescale Slope := 1.000
;# CT Images interpolated to ECT Images := 1
;# CT Spacing between slices := 0.315
!number of bytes per pixel := 4
!number format := short float
;# Units of data (ECT) := mu
!process status := reconstructed
maximum pixel count := 0.000
;# total counts := 0.000
  
!END OF INTERFILE :=
