!INTERFILE :=
!imaging modality := nucmed
;# imaging modality 2 := NM
!originating system := simind
!version of keys := 3.3
program author := M Ljungberg, Lund University
program version := V7.0.3
  
!GENERAL DATA :=
original institution := Medical Radiation Physics
contact person := M Ljungberg
!data offset in bytes := 0
!name of data file := lehr_calib_sca_w2.a00
patient name := SMC_lehr_calib_sca_w2.a00
!study ID := symbia
data description := STATIC
;# Radionuclide := i123
exam type := STATIC
!patient ID := SIMIND
  
!GENERAL IMAGE DATA :=
patient orientation := head_in
patient rotation := supine
!type of data := static
study date := 2024:01:22
study time := 00:51:07
imagedata byte order := LITTLEENDIAN
patient rotation := supine
patient orientation := head_in
;energy window lower level := 123.22
;energy window upper level := 147.07
!total number of images := 1
!number of energy windows := 1
;# Image Position First image := -256.0000 -256.0000 256.000000
;# Image Orientation := 1.000 0.000 0.000 0.000 0.000 -1.000
;# Units of data (ECT) := counts
  
!STATIC STUDY (General) :=
!number of images/energy window := 1
image duration (sec) := 1.000
!static study (each frame) :=
!image number := 1
!matrix size [1] := 128
!matrix size [2] := 128
!number format := short float
!number of bytes per pixel := 4
label := View1
scaling factor (mm/pixel) [1] := 4.000
scaling factor (mm/pixel) [2] := 4.000
;# scaling factor (mm/pixel) [3] := 4.000
maximum pixel count := 0.000
;# total counts := 0.000
  
;# SIMIND-SPECIFIC PARAMETERS :=
;# Intrinsic FWHM for the camera := 0.380
;# Collimator := sy-lehr
;# Collimator hole diameter := 0.111
;# Collimator hole septa := 0.016
;# Collimator thickness := 2.405
;# SIMIND: Photon Energy := 159.000
;# SIMIND: Time shift := -9999.000
  
!END OF INTERFILE :=
