!INTERFILE :=
!imaging modality := nucmed
;# imaging modality 2 := NM
!originating system := simind
!version of keys := 3.3
program author := M Ljungberg, Lund University
program version := V7.0.3
  
!GENERAL DATA :=
original institution := Medical Radiation Physics
contact person := M Ljungberg
!data offset in bytes := 0
!name of data file := C:\simind\mew20_10\cali\static\mew20_10__main_cali_pl.b01
patient name := SMC_mew20_10__main_cali_pl.a00
!study ID := symbia
data description :=
;# Radionuclide := i123
exam type := STATIC
!patient ID := SIMIND
  
!GENERAL IMAGE DATA :=
patient orientation := head_in
patient rotation := supine
!type of data := static
study date := 2024:04:28
study time := 08:25:27
imagedata byte order := LITTLEENDIAN
patient rotation := supine
patient orientation := head_in
;energy window lower level := 143.10
;energy window upper level := 174.90
!total number of images := 1
!number of energy windows := 1
;# Image Position First image := -210.9248 -210.9248 210.924800
;# Image Orientation := 1.000 0.000 0.000 0.000 0.000 -1.000
;# Units of data (ECT) := counts
  
!STATIC STUDY (General) :=
!number of images/energy window := 1
image duration (sec) := 1.000
!static study (each frame) :=
!image number := 1
!matrix size [1] := 128
!matrix size [2] := 128
!number format := short float
!number of bytes per pixel := 4
label := View1
scaling factor (mm/pixel) [1] := 3.296
scaling factor (mm/pixel) [2] := 3.296
;# scaling factor (mm/pixel) [3] := 3.296
maximum pixel count := 7.156
;# total counts := 179.715
;# Name of Aligned Density Map := none.hct
;# Name of Aligned transmission study := none.hct
  
;# SIMIND-SPECIFIC PARAMETERS :=
;# Intrinsic FWHM for the camera := 0.380
;# Collimator := sy-lehr
;# Collimator hole diameter := 0.111
;# Collimator hole septa := 0.016
;# Collimator thickness := 2.405
;# SIMIND: Photon Energy := 159.000
;# SIMIND: Time shift := -9999.000
  
!END OF INTERFILE :=
